NUGET
  remote: https://api.nuget.org/v3/index.json
    DiffEngine (16.4.1) - restriction: >= netstandard2.0
      EmptyFiles (>= 8.12.1) - restriction: || (>= net462) (>= net6.0)
      System.Collections.Immutable (>= 8.0) - restriction: || (>= net462) (&& (>= net6.0) (< net7.0)) (&& (>= net7.0) (< net8.0))
      System.Management (>= 8.0) - restriction: || (>= net462) (>= net6.0)
      System.Runtime.InteropServices.RuntimeInformation (>= 4.3) - restriction: || (&& (>= net462) (< net472)) (&& (>= net472) (< net48))
    EmptyFiles (8.12.1) - restriction: >= netstandard2.0
      System.Collections.Immutable (>= 8.0) - restriction: || (>= net462) (&& (>= net6.0) (< net7.0)) (&& (>= net7.0) (< net8.0))
      System.Memory (>= 4.6.3) - restriction: >= net462
      System.ValueTuple (>= 4.6.1) - restriction: && (>= net462) (< net472)
    Microsoft.Bcl.AsyncInterfaces (9.0.9) - restriction: || (>= net472) (>= net8.0)
      System.Threading.Tasks.Extensions (>= 4.5.4) - restriction: || (>= net462) (&& (>= netstandard2.0) (< netstandard2.1))
    Microsoft.CSharp (4.7) - restriction: && (< net5.0) (>= netstandard2.0)
    Microsoft.Testing.Extensions.TrxReport.Abstractions (1.8.4) - restriction: || (>= net472) (>= net8.0)
      Microsoft.Testing.Platform (>= 1.8.4) - restriction: >= netstandard2.0
    Microsoft.Testing.Platform (1.8.4) - restriction: || (>= net472) (>= net8.0)
    Microsoft.Testing.Platform.MSBuild (1.8.4) - restriction: || (>= net472) (>= net8.0)
      Microsoft.Testing.Platform (>= 1.8.4) - restriction: >= netstandard2.0
    Microsoft.Win32.Registry (5.0) - restriction: || (>= net472) (>= net8.0)
      System.Buffers (>= 4.5.1) - restriction: || (&& (>= monoandroid) (< netstandard1.3)) (>= monotouch) (&& (< net46) (< netcoreapp2.0) (>= netstandard2.0)) (>= xamarinios) (>= xamarinmac) (>= xamarintvos) (>= xamarinwatchos)
      System.Security.AccessControl (>= 5.0) - restriction: || (&& (>= monoandroid) (< netstandard1.3)) (&& (< monoandroid) (>= netcoreapp2.0)) (>= monotouch) (&& (< net46) (< netcoreapp2.0) (>= netstandard2.0)) (>= net461) (>= netcoreapp2.1) (>= uap10.1) (>= xamarinios) (>= xamarinmac) (>= xamarintvos) (>= xamarinwatchos)
      System.Security.Principal.Windows (>= 5.0) - restriction: || (&& (>= monoandroid) (< netstandard1.3)) (&& (< monoandroid) (>= netcoreapp2.0)) (>= monotouch) (&& (< net46) (< netcoreapp2.0) (>= netstandard2.0)) (>= net461) (>= netcoreapp2.1) (>= uap10.1) (>= xamarinios) (>= xamarinmac) (>= xamarintvos) (>= xamarinwatchos)
    Shouldly (4.2.1)
      DiffEngine (>= 11.3) - restriction: >= netstandard2.0
      EmptyFiles (>= 4.4) - restriction: >= netstandard2.0
      Microsoft.CSharp (>= 4.7) - restriction: && (< net5.0) (>= netstandard2.0)
    System.Buffers (4.6.1) - restriction: || (&& (>= monoandroid) (>= net472) (< netstandard1.3)) (&& (>= monoandroid) (>= net8.0) (< netstandard1.3)) (&& (>= monotouch) (>= net472)) (&& (>= monotouch) (>= net8.0)) (&& (< net46) (>= net472)) (&& (>= net462) (>= netstandard2.0)) (&& (>= net472) (>= xamarinios)) (&& (>= net472) (>= xamarinmac)) (&& (>= net472) (>= xamarintvos)) (&& (>= net472) (>= xamarinwatchos)) (&& (>= net8.0) (< netcoreapp2.0)) (&& (>= net8.0) (>= xamarinios)) (&& (>= net8.0) (>= xamarinmac)) (&& (>= net8.0) (>= xamarintvos)) (&& (>= net8.0) (>= xamarinwatchos))
    System.CodeDom (9.0.9) - restriction: || (&& (>= net462) (>= netstandard2.0)) (>= net6.0)
    System.Collections.Immutable (9.0.9) - restriction: || (&& (>= net462) (>= netstandard2.0)) (>= net472) (&& (>= net6.0) (< net7.0)) (&& (>= net7.0) (< net8.0))
      System.Memory (>= 4.5.5) - restriction: || (>= net462) (&& (< net8.0) (>= netstandard2.0))
      System.Runtime.CompilerServices.Unsafe (>= 6.0) - restriction: || (>= net462) (&& (< net8.0) (>= netstandard2.0))
    System.Management (9.0.9) - restriction: || (&& (>= net462) (>= netstandard2.0)) (>= net6.0)
      System.CodeDom (>= 9.0.9) - restriction: >= netstandard2.0
    System.Memory (4.6.3) - restriction: || (&& (>= net462) (>= net6.0)) (&& (>= net462) (>= net7.0)) (&& (>= net462) (>= netstandard2.0)) (>= net472) (&& (>= net6.0) (< net7.0)) (&& (>= net7.0) (< net8.0))
      System.Buffers (>= 4.6.1) - restriction: || (>= net462) (&& (< netcoreapp2.1) (>= netstandard2.0) (< netstandard2.1))
      System.Numerics.Vectors (>= 4.6.1) - restriction: || (>= net462) (&& (< netcoreapp2.1) (>= netstandard2.0) (< netstandard2.1))
      System.Runtime.CompilerServices.Unsafe (>= 6.1.2) - restriction: || (>= net462) (&& (< netcoreapp2.1) (>= netstandard2.0) (< netstandard2.1))
    System.Numerics.Vectors (4.6.1) - restriction: && (>= net462) (>= netstandard2.0)
    System.Runtime.CompilerServices.Unsafe (6.1.2) - restriction: || (&& (>= net462) (>= net6.0)) (&& (>= net462) (>= net7.0)) (&& (>= net462) (>= net8.0)) (&& (>= net462) (>= netstandard2.0)) (>= net472) (&& (>= net6.0) (< net7.0)) (&& (>= net7.0) (< net8.0)) (&& (>= net8.0) (< netcoreapp2.1) (< netstandard2.1))
    System.Runtime.InteropServices.RuntimeInformation (4.3) - restriction: || (&& (>= net462) (< net472) (>= netstandard2.0)) (&& (>= net472) (< net48))
    System.Security.AccessControl (6.0.1) - restriction: || (>= net472) (>= net8.0)
      System.Security.Principal.Windows (>= 5.0) - restriction: || (>= net461) (&& (< net6.0) (>= netstandard2.0))
    System.Security.Principal.Windows (5.0) - restriction: || (>= net472) (>= net8.0)
    System.Threading.Tasks.Extensions (4.6.3) - restriction: || (&& (>= net462) (>= net8.0)) (>= net472) (&& (>= net8.0) (< netstandard2.1))
      System.Runtime.CompilerServices.Unsafe (>= 6.1.2) - restriction: || (>= net462) (&& (< netcoreapp2.1) (>= netstandard2.0) (< netstandard2.1))
    System.ValueTuple (4.6.1) - restriction: && (>= net462) (< net472) (>= netstandard2.0)
    xunit.analyzers (1.24) - restriction: || (>= net472) (>= net8.0)
    xunit.v3 (3.0.1)
      xunit.analyzers (>= 1.24) - restriction: || (>= net472) (>= net8.0)
      xunit.v3.assert (3.0.1) - restriction: || (>= net472) (>= net8.0)
      xunit.v3.core (3.0.1) - restriction: || (>= net472) (>= net8.0)
    xunit.v3.assert (3.0.1) - restriction: || (>= net472) (>= net8.0)
      System.Collections.Immutable (>= 6.0) - restriction: && (< net8.0) (>= netstandard2.0)
      System.Memory (>= 4.5.5) - restriction: && (< net8.0) (>= netstandard2.0)
    xunit.v3.common (3.0.1) - restriction: || (>= net472) (>= net8.0)
      Microsoft.Bcl.AsyncInterfaces (>= 6.0) - restriction: >= netstandard2.0
    xunit.v3.core (3.0.1) - restriction: || (>= net472) (>= net8.0)
      Microsoft.Testing.Platform.MSBuild (>= 1.8.2) - restriction: || (>= net472) (>= net8.0)
      xunit.v3.extensibility.core (3.0.1) - restriction: || (>= net472) (>= net8.0)
      xunit.v3.runner.inproc.console (3.0.1) - restriction: || (>= net472) (>= net8.0)
    xunit.v3.extensibility.core (3.0.1) - restriction: || (>= net472) (>= net8.0)
      xunit.v3.common (3.0.1) - restriction: >= netstandard2.0
    xunit.v3.runner.common (3.0.1) - restriction: || (>= net472) (>= net8.0)
      Microsoft.Win32.Registry (5.0) - restriction: >= netstandard2.0
      xunit.v3.common (3.0.1) - restriction: >= netstandard2.0
    xunit.v3.runner.console (3.0.1)
    xunit.v3.runner.inproc.console (3.0.1) - restriction: || (>= net472) (>= net8.0)
      Microsoft.Testing.Extensions.TrxReport.Abstractions (>= 1.8.2) - restriction: || (>= net472) (>= net8.0)
      Microsoft.Testing.Platform (>= 1.8.2) - restriction: || (>= net472) (>= net8.0)
      xunit.v3.extensibility.core (3.0.1) - restriction: || (>= net472) (>= net8.0)
      xunit.v3.runner.common (3.0.1) - restriction: || (>= net472) (>= net8.0)
